GEM
  remote: http://rubygems.org/
  specs:
    ffi (1.0.11)
    growl (1.0.3)
    guard (0.10.0)
      ffi (>= 0.5.0)
      thor (~> 0.14.6)
    guard-test (0.4.3)
      guard (>= 0.4)
      test-unit (~> 2.2)
    rack (1.4.0)
    rack-protection (1.2.0)
      rack
    rb-fsevent (0.4.3.1)
    sinatra (1.3.2)
      rack (~> 1.3, >= 1.3.6)
      rack-protection (~> 1.2)
      tilt (~> 1.3, >= 1.3.3)
    test-unit (2.4.4)
    thor (0.14.6)
    tilt (1.3.3)

PLATFORMS
  ruby

DEPENDENCIES
  growl
  guard-test
  rb-fsevent
  sinatra (~> 1.3.0)
